GEM
  remote: https://rubygems.org/
  specs:
    rinruby (2.1.0)

PLATFORMS
  ruby
  x86_64-linux

DEPENDENCIES
  rinruby (~> 2.1)

BUNDLED WITH
   2.5.15
